GEM
  remote: http://rubygems.org/
  specs:
    shebang (0.1)

PLATFORMS
  ruby

DEPENDENCIES
  shebang
